PATH
  remote: .
  specs:
    cs-builder-two (2.0.5)
      aws-sdk (~> 2)
      logging (~> 2.0.0)
      platform-api (~> 0.3.0)
      rest-client (~> 1.6.7)
      thor

GEM
  remote: https://rubygems.org/
  specs:
    aws-sdk (2.6.48)
      aws-sdk-resources (= 2.6.48)
    aws-sdk-core (2.6.48)
      aws-sigv4 (~> 1.0)
      jmespath (~> 1.0)
    aws-sdk-resources (2.6.48)
      aws-sdk-core (= 2.6.48)
    aws-sigv4 (1.0.0)
    bump (0.5.3)
    byebug (9.0.6)
    coderay (1.1.1)
    diff-lcs (1.3)
    dotenv (0.11.1)
      dotenv-deployment (~> 0.0.2)
    dotenv-deployment (0.0.2)
    erubis (2.7.0)
    excon (0.54.0)
    heroics (0.0.17)
      erubis (~> 2.0)
      excon
      moneta
      multi_json (>= 1.9.2)
      netrc
    jmespath (1.3.1)
    little-plugger (1.1.4)
    logging (2.0.0)
      little-plugger (~> 1.1)
      multi_json (~> 1.10)
    method_source (0.8.2)
    mime-types (1.25.1)
    moneta (0.8.1)
    multi_json (1.12.1)
    netrc (0.11.0)
    platform-api (0.3.0)
      heroics (~> 0.0.10)
    pry (0.10.4)
      coderay (~> 1.1.0)
      method_source (~> 0.8.1)
      slop (~> 3.4)
    pry-byebug (3.4.2)
      byebug (~> 9.0)
      pry (~> 0.10)
    rake (10.5.0)
    rest-client (1.6.9)
      mime-types (~> 1.16)
    rspec (3.5.0)
      rspec-core (~> 3.5.0)
      rspec-expectations (~> 3.5.0)
      rspec-mocks (~> 3.5.0)
    rspec-core (3.5.4)
      rspec-support (~> 3.5.0)
    rspec-expectations (3.5.0)
      diff-lcs (>= 1.2.0, < 2.0)
      rspec-support (~> 3.5.0)
    rspec-mocks (3.5.0)
      diff-lcs (>= 1.2.0, < 2.0)
      rspec-support (~> 3.5.0)
    rspec-support (3.5.0)
    slop (3.6.0)
    thor (0.19.4)

PLATFORMS
  ruby

DEPENDENCIES
  bump
  cs-builder-two!
  dotenv (~> 0.11.1)
  pry-byebug
  rake (~> 10.1)
  rspec (~> 3.4)

BUNDLED WITH
   1.13.7
