PATH
  remote: .
  specs:
    cs-builder (0.0.1)
      log4r (~> 1.1.10)
      rest-client (~> 1.6.7)
      thor

GEM
  remote: https://rubygems.org/
  specs:
    byebug (3.1.2)
      columnize (~> 0.8)
      debugger-linecache (~> 1.2)
    columnize (0.8.9)
    debugger-linecache (1.2.0)
    diff-lcs (1.2.5)
    log4r (1.1.10)
    mime-types (2.2)
    rake (10.1.1)
    rest-client (1.6.7)
      mime-types (>= 1.16)
    rspec (2.14.1)
      rspec-core (~> 2.14.0)
      rspec-expectations (~> 2.14.0)
      rspec-mocks (~> 2.14.0)
    rspec-core (2.14.8)
    rspec-expectations (2.14.5)
      diff-lcs (>= 1.1.3, < 2.0)
    rspec-mocks (2.14.6)
    thor (0.19.1)

PLATFORMS
  ruby

DEPENDENCIES
  byebug (~> 3.1.2)
  cs-builder!
  rake (~> 10.1.0)
  rspec (~> 2.6)
