PATH
  remote: .
  specs:
    cs-builder-two (2.0.0)
      log4r (~> 1.1.10)
      platform-api (~> 0.3.0)
      rest-client (~> 1.6.7)
      thor

GEM
  remote: https://rubygems.org/
  specs:
    diff-lcs (1.2.5)
    dotenv (0.11.1)
      dotenv-deployment (~> 0.0.2)
    dotenv-deployment (0.0.2)
    erubis (2.7.0)
    excon (0.45.4)
    heroics (0.0.14)
      erubis (~> 2.7.0)
      excon
      moneta
      multi_json (>= 1.9.2)
      netrc
    log4r (1.1.10)
    mime-types (1.25.1)
    moneta (0.8.0)
    multi_json (1.11.2)
    netrc (0.11.0)
    platform-api (0.3.0)
      heroics (~> 0.0.10)
    rake (10.1.1)
    rest-client (1.6.9)
      mime-types (~> 1.16)
    rspec (2.14.1)
      rspec-core (~> 2.14.0)
      rspec-expectations (~> 2.14.0)
      rspec-mocks (~> 2.14.0)
    rspec-core (2.14.8)
    rspec-expectations (2.14.5)
      diff-lcs (>= 1.1.3, < 2.0)
    rspec-mocks (2.14.6)
    thor (0.19.1)

PLATFORMS
  ruby

DEPENDENCIES
  cs-builder-two!
  dotenv (~> 0.11.1)
  rake (~> 10.1.0)
  rspec (~> 2.6)

BUNDLED WITH
   1.10.6
