PATH
  remote: .
  specs:
    cs-builder-two (0.1.3)
      easy_log4r (~> 0.1.0)
      log4r (~> 1.1.10)
      rest-client (~> 1.6.7)
      thor

GEM
  remote: https://rubygems.org/
  specs:
    diff-lcs (1.2.5)
    dotenv (0.11.1)
      dotenv-deployment (~> 0.0.2)
    dotenv-deployment (0.0.2)
    easy_log4r (0.1.0)
      log4r
    log4r (1.1.10)
    mime-types (1.25.1)
    rake (10.1.1)
    rest-client (1.6.9)
      mime-types (~> 1.16)
    rspec (2.14.1)
      rspec-core (~> 2.14.0)
      rspec-expectations (~> 2.14.0)
      rspec-mocks (~> 2.14.0)
    rspec-core (2.14.8)
    rspec-expectations (2.14.5)
      diff-lcs (>= 1.1.3, < 2.0)
    rspec-mocks (2.14.6)
    thor (0.19.1)

PLATFORMS
  ruby

DEPENDENCIES
  cs-builder-two!
  dotenv (~> 0.11.1)
  rake (~> 10.1.0)
  rspec (~> 2.6)

BUNDLED WITH
   1.10.6
